GEM
  remote: http://rubygems.org/
  specs:
    opentok (0.0.7)
    rack (1.4.1)

PLATFORMS
  ruby
  x86-mingw32

DEPENDENCIES
  opentok
  rack
